PATH
  remote: .
  specs:
    til-rb (0.0.8)
      octokit (~> 4.0)

GEM
  remote: https://rubygems.org/
  specs:
    addressable (2.8.0)
      public_suffix (>= 2.0.2, < 5.0)
    faraday (1.0.1)
      multipart-post (>= 1.2, < 3)
    minitest (5.14.1)
    mocha (1.11.2)
    multipart-post (2.1.1)
    octokit (4.18.0)
      faraday (>= 0.9)
      sawyer (~> 0.8.0, >= 0.5.3)
    public_suffix (4.0.6)
    rake (12.3.3)
    sawyer (0.8.2)
      addressable (>= 2.3.5)
      faraday (> 0.8, < 2.0)
    timecop (0.9.1)

PLATFORMS
  ruby

DEPENDENCIES
  minitest (~> 5.0)
  mocha (~> 1.11.2)
  rake (~> 12.0)
  til-rb!
  timecop (~> 0.9.1)

BUNDLED WITH
   2.1.4
